PATH
  remote: .
  specs:
    feedbuilder-rails (0.1.1)
      actionpack (~> 3.1)
      activerecord (~> 3.1)
      feedbuilder

GEM
  remote: http://rubygems.org/
  specs:
    actionpack (3.1.1)
      activemodel (= 3.1.1)
      activesupport (= 3.1.1)
      builder (~> 3.0.0)
      erubis (~> 2.7.0)
      i18n (~> 0.6)
      rack (~> 1.3.2)
      rack-cache (~> 1.1)
      rack-mount (~> 0.8.2)
      rack-test (~> 0.6.1)
      sprockets (~> 2.0.2)
    activemodel (3.1.1)
      activesupport (= 3.1.1)
      builder (~> 3.0.0)
      i18n (~> 0.6)
    activerecord (3.1.1)
      activemodel (= 3.1.1)
      activesupport (= 3.1.1)
      arel (~> 2.2.1)
      tzinfo (~> 0.3.29)
    activesupport (3.1.1)
      multi_json (~> 1.0)
    arel (2.2.1)
    builder (3.0.0)
    erubis (2.7.0)
    feedbuilder (0.0.6)
      activesupport (~> 3.0)
      ratom
    hike (1.2.1)
    i18n (0.6.0)
    libxml-ruby (2.2.2)
    multi_json (1.0.3)
    rack (1.3.5)
    rack-cache (1.1)
      rack (>= 0.4)
    rack-mount (0.8.3)
      rack (>= 1.0.0)
    rack-test (0.6.1)
      rack (>= 1.0)
    ratom (0.6.10)
      libxml-ruby (>= 1.1.2)
    sprockets (2.0.3)
      hike (~> 1.2)
      rack (~> 1.0)
      tilt (~> 1.1, != 1.3.0)
    tilt (1.3.3)
    tzinfo (0.3.31)

PLATFORMS
  ruby

DEPENDENCIES
  feedbuilder-rails!
